GEM
  remote: http://rubygems.org/
  specs:
    byebug (9.0.6)
    httparty (0.14.0)
      multi_xml (>= 0.5.2)
    multi_xml (0.5.5)

PLATFORMS
  ruby

DEPENDENCIES
  byebug
  httparty

BUNDLED WITH
   1.13.5
